GEM
  remote: http://rubygems.org/
  specs:
    gemcutter (0.6.1)
    git (1.2.5)
    jeweler (1.4.0)
      gemcutter (>= 0.1.0)
      git (>= 1.2.5)
      rubyforge (>= 2.0.0)
    json_pure (1.4.6)
    mocha (0.9.8)
      rake
    rake (0.8.7)
    ruby-serialport (0.7.0)
    rubyforge (2.0.4)
      json_pure (>= 1.1.7)
    test-unit (2.1.1)
    thoughtbot-shoulda (2.11.1)
    timecop (0.3.5)

PLATFORMS
  ruby

DEPENDENCIES
  jeweler
  mocha
  ruby-serialport
  test-unit
  thoughtbot-shoulda
  timecop
